GEM
  remote: http://rubygems.org/
  specs:
    better-benchmark (0.8.3)
      rsruby
    mysql2 (0.3.11)
    rsruby (0.5.1.1)

PLATFORMS
  ruby

DEPENDENCIES
  better-benchmark (~> 0.8.3)
  mysql2 (~> 0.3.11)
